GEM
  remote: https://rubygems.org/
  specs:
    haml (4.0.5)
      tilt
    tilt (1.4.1)

PLATFORMS
  ruby

DEPENDENCIES
  haml
